GEM
  remote: https://rubygems.org/
  specs:
    rspec-simplecov (0.2.2)

PLATFORMS
  ruby

DEPENDENCIES
  rspec-simplecov

BUNDLED WITH
   1.17.3
